GEM
  remote: https://rubygems.org/
  specs:
    ast (2.1.0)
    astrolabe (1.3.1)
      parser (~> 2.2)
    bosh_common (1.3262.1)
      logging (~> 1.8.2)
      semi_semantic (~> 1.2.0)
    bosh_cpi (1.3262.1)
      bosh_common (~> 1.3262.1)
      logging (~> 1.8.2)
      membrane (~> 1.1.0)
    builder (3.1.4)
    ci_reporter (2.0.0)
      builder (>= 2.1.2)
    ci_reporter_rspec (1.0.0)
      ci_reporter (~> 2.0)
      rspec (>= 2.14, < 4)
    diff-lcs (1.2.5)
    docile (1.1.5)
    hirb (0.7.3)
    httpclient (2.7.1)
    json (1.8.3)
    little-plugger (1.1.4)
    logging (1.8.2)
      little-plugger (>= 1.1.3)
      multi_json (>= 1.8.4)
    membrane (1.1.0)
    method_profiler (2.0.1)
      hirb (>= 0.6.0)
    mime-types (1.25.1)
    mini_portile (0.6.2)
    multi_json (1.12.1)
    nokogiri (1.6.6.2)
      mini_portile (~> 0.6.0)
    parser (2.2.2.6)
      ast (>= 1.1, < 3.0)
    powerpack (0.1.1)
    rainbow (2.0.0)
    rake (10.4.2)
    rest-client (1.6.9)
      mime-types (~> 1.16)
    rspec (3.3.0)
      rspec-core (~> 3.3.0)
      rspec-expectations (~> 3.3.0)
      rspec-mocks (~> 3.3.0)
    rspec-core (3.3.2)
      rspec-support (~> 3.3.0)
    rspec-expectations (3.3.1)
      diff-lcs (>= 1.2.0, < 2.0)
      rspec-support (~> 3.3.0)
    rspec-mocks (3.3.2)
      diff-lcs (>= 1.2.0, < 2.0)
      rspec-support (~> 3.3.0)
    rspec-support (3.3.0)
    rubocop (0.33.0)
      astrolabe (~> 1.3)
      parser (>= 2.2.2.5, < 3.0)
      powerpack (~> 0.1)
      rainbow (>= 1.99.1, < 3.0)
      ruby-progressbar (~> 1.4)
    ruby-progressbar (1.7.5)
    semi_semantic (1.2.0)
    simplecov (0.10.0)
      docile (~> 1.1.0)
      json (~> 1.8)
      simplecov-html (~> 0.10.0)
    simplecov-html (0.10.0)
    simplecov-rcov (0.2.3)
      simplecov (>= 0.4.1)
    yajl-ruby (1.2.1)

PLATFORMS
  ruby

DEPENDENCIES
  bosh_common
  bosh_cpi
  builder (~> 3.1.4)
  ci_reporter_rspec (~> 1.0)
  httpclient (= 2.7.1)
  membrane
  method_profiler
  nokogiri (~> 1.6.6)
  rake (~> 10.0)
  rest-client (~> 1.6.7)
  rspec (~> 3.3.0)
  rubocop (>= 0.24.1)
  simplecov
  simplecov-rcov
  yajl-ruby (>= 0.8.2)

BUNDLED WITH
   1.11.2
